PATH
  remote: .
  specs:
    deepthought (0.0.1)
      colorize (~> 0.7)

GEM
  remote: https://rubygems.org/
  specs:
    colorize (0.8.1)
    minitest (5.15.0)
    rake (10.5.0)

PLATFORMS
  ruby

DEPENDENCIES
  bundler (~> 1.17)
  deepthought!
  minitest (~> 5.0)
  rake (~> 10.0)

BUNDLED WITH
   1.17.2
