PATH
  remote: .
  specs:
    ft_wikipedia (0.0.1)
      colorize (~> 0.7)
      nokogiri (~> 1.10)

GEM
  remote: https://rubygems.org/
  specs:
    colorize (0.8.1)
    mini_portile2 (2.4.0)
    minitest (5.15.0)
    nokogiri (1.10.1)
      mini_portile2 (~> 2.4.0)
    rake (10.5.0)

PLATFORMS
  ruby

DEPENDENCIES
  bundler (~> 1.17)
  ft_wikipedia!
  minitest (~> 5.0)
  rake (~> 10.0)

BUNDLED WITH
   1.17.2
